GEM
  remote: https://rubygems.org/
  specs:
    activemodel (6.1.1)
      activesupport (= 6.1.1)
    activerecord (6.1.1)
      activemodel (= 6.1.1)
      activesupport (= 6.1.1)
    activesupport (6.1.1)
      concurrent-ruby (~> 1.0, >= 1.0.2)
      i18n (>= 1.6, < 2)
      minitest (>= 5.1)
      tzinfo (~> 2.0)
      zeitwerk (~> 2.3)
    bond (0.5.1)
    concurrent-ruby (1.1.8)
    i18n (1.8.7)
      concurrent-ruby (~> 1.0)
    minitest (5.14.3)
    multi_json (1.15.0)
    mustermann (2.0.2)
      ruby2_keywords (~> 0.0.1)
    rack (2.2.3)
    rack-protection (2.2.3)
      rack
    rack-test (0.6.3)
      rack (>= 1.0)
    ripl (0.7.1)
      bond (~> 0.5.1)
    ripl-multi_line (0.3.1)
      ripl (>= 0.3.6)
    ripl-rack (0.2.1)
      rack (>= 1.0)
      rack-test (~> 0.6.2)
      ripl (>= 0.7.0)
    ruby2_keywords (0.0.5)
    sinatra (2.2.3)
      mustermann (~> 2.0)
      rack (~> 2.2)
      rack-protection (= 2.2.3)
      tilt (~> 2.0)
    sinatra-activerecord (2.0.26)
      activerecord (>= 4.1)
      sinatra (>= 1.0)
    sinatra-contrib (2.2.3)
      multi_json
      mustermann (~> 2.0)
      rack-protection (= 2.2.3)
      sinatra (= 2.2.3)
      tilt (~> 2.0)
    sqlite3 (1.4.2)
    tilt (2.0.11)
    tux (0.3.0)
      ripl (>= 0.3.5)
      ripl-multi_line (>= 0.2.4)
      ripl-rack (>= 0.2.0)
      sinatra (>= 1.2.1)
    tzinfo (2.0.4)
      concurrent-ruby (~> 1.0)
    zeitwerk (2.4.2)

PLATFORMS
  x86_64-linux

DEPENDENCIES
  activerecord
  activesupport (>= 6.0.3.1)
  rack (>= 2.1.4)
  sinatra
  sinatra-activerecord
  sinatra-contrib
  sqlite3
  tux

BUNDLED WITH
   2.2.5
